ObjectType = Image
NDims = 3
BinaryData = True
BinaryDataByteOrderMSB = False
CompressedData = False
TransformMatrix = 1 0 0 0 -0.988477 0.151374 0 0.151374 0.988477
Offset = -126.531 78.744 -38.0866
CenterOfRotation = 0 0 0
AnatomicalOrientation = RPI
ElementSpacing = 2 2 2.00004
DimSize = 128 128 60
ElementType = MET_SHORT
ElementDataFile = 10.b0.raw
